GEM
  specs:
    json (2.1.0)

PLATFORMS
  ruby

DEPENDENCIES
  json

BUNDLED WITH
   1.13.6
